GEM
  remote: https://rubygems.org/
  specs:
    maxitest (5.3.1)
      minitest (>= 5.14.0, < 5.20.0)
    minitest (5.19.0)
    rake (12.0.0)

PLATFORMS
  ruby

DEPENDENCIES
  maxitest
  rake

BUNDLED WITH
   2.4.13
